GEM
  remote: http://rubygems.org/
  specs:
    addressable (2.3.2)
    daemons (1.1.9)
    eventmachine (1.0.0)
    faraday (0.8.4)
      multipart-post (~> 1.1)
    faraday_middleware (0.9.0)
      faraday (>= 0.7.4, < 0.9)
    hashie (1.2.0)
    htmlentities (4.3.1)
    json (1.5.1)
    multi_json (1.3.7)
    multipart-post (1.1.5)
    octokit (1.18.0)
      addressable (~> 2.2)
      faraday (~> 0.8)
      faraday_middleware (~> 0.8)
      hashie (~> 1.2)
      multi_json (~> 1.3)
    rack (1.4.1)
    rack-protection (1.2.0)
      rack
    simple-rss (1.2.3)
    sinatra (1.3.3)
      rack (~> 1.3, >= 1.3.6)
      rack-protection (~> 1.2)
      tilt (~> 1.3, >= 1.3.3)
    thin (1.4.1)
      daemons (>= 1.0.9)
      eventmachine (>= 0.12.6)
      rack (>= 1.0.0)
    tilt (1.3.3)

PLATFORMS
  ruby

DEPENDENCIES
  hashie
  htmlentities
  json
  octokit
  simple-rss
  sinatra
  thin
